GIT
  remote: https://github.com/umd-lib/quick_search-database_finder_searcher.git
  revision: a4df0932db162d7f09ea57ed722f2eb424105b50
  branch: develop
  specs:
    quick_search-database_finder_searcher (0.1.0)
      quick_search-core (~> 0)

GIT
  remote: https://github.com/umd-lib/quick_search-lib_answers_searcher.git
  revision: 7304931a1d7ce7a945a0ca49dddb04e618f2fa54
  branch: develop
  specs:
    quick_search-lib_answers_searcher (0.1.0)
      quick_search-core (~> 0)

GIT
  remote: https://github.com/umd-lib/quick_search-lib_guides_searcher.git
  revision: 8716e33f48d7b17348e58ac9ef34730f21cdb255
  branch: develop
  specs:
    quick_search-lib_guides_searcher (0.1.0)
      quick_search-core (~> 0)

GIT
  remote: https://github.com/umd-lib/quick_search-library_website_searcher.git
  revision: c7cfb745bb344981cbaf35b513e9b0f76067f6ef
  branch: develop
  specs:
    quick_search-library_website_searcher (0.1.0)
      kaminari
      quick_search-core (~> 0)
      rsolr (= 2.2.1)

GIT
  remote: https://github.com/umd-lib/quick_search-swiftype_searcher.git
  revision: c78ebaed40ee9f470eb1dbcc439d6d69914847a7
  branch: develop
  specs:
    quick_search-swiftype_searcher (0.1.0)
      quick_search-core (~> 0)

GIT
  remote: https://github.com/umd-lib/quick_search-umd_theme.git
  revision: 78e6189b55fc625410297f4766357b4d0f28f0ca
  branch: develop
  specs:
    quick_search-umd_theme (0.1.0)
      compass (~> 1.0)
      compass-rails (~> 3.0)
      font-awesome-sass (~> 4.4)
      foundation-rails (= 5.4.5)
      quick_search-core (~> 0.1)
      sass (~> 3.2)
      sass-rails (~> 5.0)

GIT
  remote: https://github.com/umd-lib/quick_search-world_cat_discovery_api_searcher.git
  revision: f57c90decd555cf5cf05435c94c8ecdda8d38d07
  branch: develop
  specs:
    quick_search-world_cat_discovery_api_searcher (0.1.0)
      quick_search-core (~> 0)
      worldcat-discovery (~> 1.2.0.2)

GIT
  remote: https://github.com/umd-lib/quick_search-world_cat_searcher.git
  revision: aa97d3432e9842767cbf2604ec4102602a34c83d
  branch: develop
  specs:
    quick_search-world_cat_searcher (0.1.0)
      nokogiri (~> 1.6)
      quick_search-core (~> 0)

GIT
  remote: https://github.com/umd-lib/quick_search.git
  revision: 6758a17d9772f6715381a152f17cfd9ab5d2f348
  branch: umd-develop
  specs:
    quick_search-core (0.2.0)
      fastimage
      httpclient
      kaminari
      modernizr-rails
      mysql2
      nokogiri
      rails (~> 5.0)

GEM
  remote: https://maven.lib.umd.edu/nexus/content/groups/umd-ruby-gems-repository-group/
  specs:
    actioncable (5.1.6)
      actionpack (= 5.1.6)
      nio4r (~> 2.0)
      websocket-driver (~> 0.6.1)
    actionmailer (5.1.6)
      actionpack (= 5.1.6)
      actionview (= 5.1.6)
      activejob (= 5.1.6)
      mail (~> 2.5, >= 2.5.4)
      rails-dom-testing (~> 2.0)
    actionpack (5.1.6)
      actionview (= 5.1.6)
      activesupport (= 5.1.6)
      rack (~> 2.0)
      rack-test (>= 0.6.3)
      rails-dom-testing (~> 2.0)
      rails-html-sanitizer (~> 1.0, >= 1.0.2)
    actionview (5.1.6)
      activesupport (= 5.1.6)
      builder (~> 3.1)
      erubi (~> 1.4)
      rails-dom-testing (~> 2.0)
      rails-html-sanitizer (~> 1.0, >= 1.0.3)
    activejob (5.1.6)
      activesupport (= 5.1.6)
      globalid (>= 0.3.6)
    activemodel (5.1.6)
      activesupport (= 5.1.6)
    activerecord (5.1.6)
      activemodel (= 5.1.6)
      activesupport (= 5.1.6)
      arel (~> 8.0)
    activesupport (5.1.6)
      concurrent-ruby (~> 1.0, >= 1.0.2)
      i18n (>= 0.7, < 2)
      minitest (~> 5.1)
      tzinfo (~> 1.1)
    addressable (2.5.2)
      public_suffix (>= 2.0.2, < 4.0)
    ansi (1.5.0)
    arel (8.0.0)
    ast (2.4.0)
    bindex (0.5.0)
    builder (3.2.3)
    byebug (10.0.2)
    chunky_png (1.3.10)
    coffee-rails (4.2.2)
      coffee-script (>= 2.2.0)
      railties (>= 4.0.0)
    coffee-script (2.4.1)
      coffee-script-source
      execjs
    coffee-script-source (1.12.2)
    compass (1.0.3)
      chunky_png (~> 1.2)
      compass-core (~> 1.0.2)
      compass-import-once (~> 1.0.5)
      rb-fsevent (>= 0.9.3)
      rb-inotify (>= 0.9)
      sass (>= 3.3.13, < 3.5)
    compass-core (1.0.3)
      multi_json (~> 1.0)
      sass (>= 3.3.0, < 3.5)
    compass-import-once (1.0.5)
      sass (>= 3.2, < 3.5)
    compass-rails (3.1.0)
      compass (~> 1.0.0)
      sass-rails (< 5.1)
      sprockets (< 4.0)
    concurrent-ruby (1.0.5)
    crass (1.0.4)
    docile (1.1.5)
    domain_name (0.5.20180417)
      unf (>= 0.0.5, < 1.0.0)
    dotenv (2.2.2)
    dotenv-rails (2.2.2)
      dotenv (= 2.2.2)
      railties (>= 3.2, < 6.0)
    equivalent-xml (0.6.0)
      nokogiri (>= 1.4.3)
    erubi (1.7.1)
    execjs (2.7.0)
    faraday (0.15.2)
      multipart-post (>= 1.2, < 3)
    fastimage (2.1.3)
    ffi (1.9.25)
    font-awesome-sass (4.7.0)
      sass (>= 3.2)
    foundation-rails (5.4.5.0)
      railties (>= 3.1.0)
      sass (>= 3.2.0)
    globalid (0.4.1)
      activesupport (>= 4.2.0)
    haml (5.0.4)
      temple (>= 0.8.0)
      tilt
    hamster (3.0.0)
      concurrent-ruby (~> 1.0)
    htmlentities (4.3.4)
    http-cookie (1.0.3)
      domain_name (~> 0.5)
    httpclient (2.8.3)
    i18n (1.1.0)
      concurrent-ruby (~> 1.0)
    jbuilder (2.7.0)
      activesupport (>= 4.2.0)
      multi_json (>= 1.2)
    jquery-rails (4.3.3)
      rails-dom-testing (>= 1, < 3)
      railties (>= 4.2.0)
      thor (>= 0.14, < 2.0)
    json (2.1.0)
    kaminari (1.1.1)
      activesupport (>= 4.1.0)
      kaminari-actionview (= 1.1.1)
      kaminari-activerecord (= 1.1.1)
      kaminari-core (= 1.1.1)
    kaminari-actionview (1.1.1)
      actionview
      kaminari-core (= 1.1.1)
    kaminari-activerecord (1.1.1)
      activerecord
      kaminari-core (= 1.1.1)
    kaminari-core (1.1.1)
    link_header (0.0.8)
    listen (3.0.8)
      rb-fsevent (~> 0.9, >= 0.9.4)
      rb-inotify (~> 0.9, >= 0.9.7)
    loofah (2.2.2)
      crass (~> 1.0.2)
      nokogiri (>= 1.5.9)
    mail (2.7.0)
      mini_mime (>= 0.1.1)
    method_source (0.9.0)
    mime-types (3.2.2)
      mime-types-data (~> 3.2015)
    mime-types-data (3.2018.0812)
    mini_mime (1.0.0)
    mini_portile2 (2.3.0)
    minitest (5.11.3)
    minitest-reporters (1.1.19)
      ansi
      builder
      minitest (>= 5.0)
      ruby-progressbar
    modernizr-rails (2.7.1)
    multi_json (1.13.1)
    multipart-post (2.0.0)
    mysql2 (0.5.2)
    netrc (0.11.0)
    nio4r (2.3.1)
    nokogiri (1.8.4)
      mini_portile2 (~> 2.3.0)
    oclc-auth (1.0.0)
      json (~> 2.0, >= 2.0.3)
      rake (~> 10.4)
      rest-client (~> 2.0, >= 2.0.1)
    parallel (1.12.1)
    parser (2.5.1.0)
      ast (~> 2.4.0)
    pg (0.18.4)
    powerpack (0.1.1)
    promise (0.3.1)
    public_suffix (3.0.2)
    puma (3.11.4)
    rack (2.0.5)
    rack-test (1.1.0)
      rack (>= 1.0, < 3)
    rails (5.1.6)
      actioncable (= 5.1.6)
      actionmailer (= 5.1.6)
      actionpack (= 5.1.6)
      actionview (= 5.1.6)
      activejob (= 5.1.6)
      activemodel (= 5.1.6)
      activerecord (= 5.1.6)
      activesupport (= 5.1.6)
      bundler (>= 1.3.0)
      railties (= 5.1.6)
      sprockets-rails (>= 2.0.0)
    rails-dom-testing (2.0.3)
      activesupport (>= 4.2.0)
      nokogiri (>= 1.6)
    rails-html-sanitizer (1.0.4)
      loofah (~> 2.2, >= 2.2.2)
    railties (5.1.6)
      actionpack (= 5.1.6)
      activesupport (= 5.1.6)
      method_source
      rake (>= 0.8.7)
      thor (>= 0.18.1, < 2.0)
    rainbow (3.0.0)
    rake (10.5.0)
    rb-fsevent (0.10.3)
    rb-inotify (0.9.10)
      ffi (>= 0.5.0, < 2)
    rdf (3.0.2)
      hamster (~> 3.0)
      link_header (~> 0.0, >= 0.0.8)
    rdf-aggregate-repo (2.2.1)
      rdf (>= 2.2, < 4.0)
    rdf-isomorphic (3.0.0)
      rdf (~> 3.0)
    rdf-rdfa (3.0.1)
      haml (~> 5.0)
      htmlentities (~> 4.3)
      rdf (~> 3.0)
      rdf-aggregate-repo (>= 2.2, < 4.0)
      rdf-xsd (~> 3.0)
    rdf-rdfxml (2.2.1)
      htmlentities (~> 4.3)
      rdf (>= 2.2, < 4.0)
      rdf-rdfa (>= 2.2, < 4.0)
      rdf-xsd (>= 2.2, < 4.0)
    rdf-xsd (3.0.0)
      rdf (~> 3.0)
    rest-client (2.0.2)
      http-cookie (>= 1.0.2, < 2.0)
      mime-types (>= 1.16, < 4.0)
      netrc (~> 0.8)
    rsolr (2.2.1)
      builder (>= 2.1.2)
      faraday (>= 0.9.0)
    rubocop (0.52.1)
      parallel (~> 1.10)
      parser (>= 2.4.0.2, < 3.0)
      powerpack (~> 0.1)
      rainbow (>= 2.2.2, < 4.0)
      ruby-progressbar (~> 1.7)
      unicode-display_width (~> 1.0, >= 1.0.1)
    rubocop-checkstyle_formatter (0.4.0)
      rubocop (>= 0.35.1)
    ruby-progressbar (1.9.0)
    sass (3.4.25)
    sass-rails (5.0.7)
      railties (>= 4.0.0, < 6)
      sass (~> 3.1)
      sprockets (>= 2.8, < 4.0)
      sprockets-rails (>= 2.0, < 4.0)
      tilt (>= 1.1, < 3)
    simplecov (0.15.1)
      docile (~> 1.1.0)
      json (>= 1.8, < 3)
      simplecov-html (~> 0.10.0)
    simplecov-html (0.10.2)
    simplecov-rcov (0.2.3)
      simplecov (>= 0.4.1)
    spira (3.1.0.1)
      activemodel (~> 5.1)
      activesupport (~> 5.1)
      promise (~> 0.3.0)
      rdf (~> 3.0)
      rdf-isomorphic (~> 3.0)
    spring (2.0.2)
      activesupport (>= 4.2)
    spring-watcher-listen (2.0.1)
      listen (>= 2.7, < 4.0)
      spring (>= 1.2, < 3.0)
    sprockets (3.7.2)
      concurrent-ruby (~> 1.0)
      rack (> 1, < 3)
    sprockets-rails (3.2.1)
      actionpack (>= 4.0)
      activesupport (>= 4.0)
      sprockets (>= 3.0.0)
    sqlite3 (1.3.13)
    temple (0.8.0)
    thor (0.20.0)
    thread_safe (0.3.6)
    tilt (2.0.8)
    turbolinks (5.1.1)
      turbolinks-source (~> 5.1)
    turbolinks-source (5.1.0)
    tzinfo (1.2.5)
      thread_safe (~> 0.1)
    uglifier (4.1.9)
      execjs (>= 0.3.0, < 3)
    unf (0.1.4)
      unf_ext
    unf_ext (0.0.7.5)
    unicode-display_width (1.3.2)
    web-console (3.6.1)
      actionview (>= 5.0)
      activemodel (>= 5.0)
      bindex (>= 0.4.0)
      railties (>= 5.0)
    websocket-driver (0.6.5)
      websocket-extensions (>= 0.1.0)
    websocket-extensions (0.1.3)
    worldcat-discovery (1.2.0.2)
      addressable (~> 2.3, >= 2.3.6)
      equivalent-xml (~> 0.4, >= 0.4.2)
      oclc-auth (~> 1.0, >= 1.0.0)
      rdf (~> 3.0, >= 3.0.0)
      rdf-rdfxml (~> 2.2, >= 2.2.0)
      rest-client (~> 2.0.1, >= 2.0)
      spira

PLATFORMS
  ruby

DEPENDENCIES
  byebug
  coffee-rails (~> 4.2)
  dotenv-rails (~> 2.2.1)
  jbuilder (~> 2.5)
  jquery-rails
  listen (~> 3.0.5)
  minitest-reporters (~> 1.1.19)
  oclc-auth (>= 1.0.0)
  pg (~> 0.18.4)
  puma (~> 3.0)
  quick_search-core!
  quick_search-database_finder_searcher!
  quick_search-lib_answers_searcher!
  quick_search-lib_guides_searcher!
  quick_search-library_website_searcher!
  quick_search-swiftype_searcher!
  quick_search-umd_theme!
  quick_search-world_cat_discovery_api_searcher!
  quick_search-world_cat_searcher!
  rails (~> 5.1.0)
  rubocop (= 0.52.1)
  rubocop-checkstyle_formatter (~> 0.4.0)
  sass-rails (~> 5.0)
  simplecov (~> 0.15.1)
  simplecov-rcov (~> 0.2.3)
  spring
  spring-watcher-listen (~> 2.0.0)
  sqlite3
  turbolinks (~> 5)
  tzinfo-data
  uglifier (>= 1.3.0)
  web-console
  worldcat-discovery (>= 1.2.0.1)

BUNDLED WITH
   1.16.3
